GEM
  remote: http://ruby.taobao.org/
  specs:
    actionpack (3.2.7)
      activemodel (= 3.2.7)
      activesupport (= 3.2.7)
      builder (~> 3.0.0)
      erubis (~> 2.7.0)
      journey (~> 1.0.4)
      rack (~> 1.4.0)
      rack-cache (~> 1.2)
      rack-test (~> 0.6.1)
      sprockets (~> 2.1.3)
    activemodel (3.2.7)
      activesupport (= 3.2.7)
      builder (~> 3.0.0)
    activerecord (3.2.7)
      activemodel (= 3.2.7)
      activesupport (= 3.2.7)
      arel (~> 3.0.2)
      tzinfo (~> 0.3.29)
    activerecord-sqlserver-adapter (3.2.8)
      activerecord (~> 3.2.0)
    activesupport (3.2.7)
      i18n (~> 0.6)
      multi_json (~> 1.0)
    arel (3.0.2)
    builder (3.0.0)
    chronic (0.6.7)
    composite_primary_keys (5.0.8)
      activerecord (~> 3.2.0)
    diff-lcs (1.1.3)
    erubis (2.7.0)
    execjs (1.4.0)
      multi_json (~> 1.0)
    factory_girl (4.0.0)
      activesupport (>= 3.0.0)
    factory_girl_rails (4.0.0)
      factory_girl (~> 4.0.0)
      railties (>= 3.0.0)
    hike (1.2.1)
    i18n (0.6.0)
    journey (1.0.4)
    jquery-rails (2.0.2)
      railties (>= 3.2.0, < 5.0)
      thor (~> 0.14)
    json (1.7.4)
    libv8 (3.3.10.4)
    multi_json (1.3.6)
    rack (1.4.1)
    rack-cache (1.2)
      rack (>= 0.4)
    rack-ssl (1.3.2)
      rack
    rack-test (0.6.1)
      rack (>= 1.0)
    railties (3.2.7)
      actionpack (= 3.2.7)
      activesupport (= 3.2.7)
      rack-ssl (~> 1.3.2)
      rake (>= 0.8.7)
      rdoc (~> 3.4)
      thor (>= 0.14.6, < 2.0)
    rake (0.9.2.2)
    rdoc (3.12)
      json (~> 1.4)
    redis (3.0.1)
    rspec (2.11.0)
      rspec-core (~> 2.11.0)
      rspec-expectations (~> 2.11.0)
      rspec-mocks (~> 2.11.0)
    rspec-core (2.11.1)
    rspec-expectations (2.11.2)
      diff-lcs (~> 1.1.3)
    rspec-mocks (2.11.1)
    rspec-rails (2.11.0)
      actionpack (>= 3.0)
      activesupport (>= 3.0)
      railties (>= 3.0)
      rspec (~> 2.11.0)
    sprockets (2.1.3)
      hike (~> 1.2)
      rack (~> 1.0)
      tilt (~> 1.1, != 1.3.0)
    therubyracer (0.10.2)
      libv8 (~> 3.3.10)
    thor (0.15.4)
    tilt (1.3.3)
    tiny_tds (0.5.1)
    tzinfo (0.3.33)
    whenever (0.7.3)
      activesupport (>= 2.3.4)
      chronic (~> 0.6.3)

PLATFORMS
  ruby

DEPENDENCIES
  activerecord-sqlserver-adapter
  composite_primary_keys
  execjs
  factory_girl_rails
  jquery-rails
  json
  redis
  rspec-rails (~> 2.0)
  therubyracer
  tiny_tds
  whenever
